GIT
  remote: https://github.com/bootstrap-ruby/rails-bootstrap-forms.git
  revision: 9c0eb5bd5ee865e4b99c753155793cdbfb28789e
  specs:
    bootstrap_form (2.2.0)

GEM
  remote: https://rubygems.org/
  remote: https://rails-assets.org/
  specs:
    aasm (3.4.0)
    actionmailer (4.2.5)
      actionpack (= 4.2.5)
      actionview (= 4.2.5)
      activejob (= 4.2.5)
      mail (~> 2.5, >= 2.5.4)
      rails-dom-testing (~> 1.0, >= 1.0.5)
    actionpack (4.2.5)
      actionview (= 4.2.5)
      activesupport (= 4.2.5)
      rack (~> 1.6)
      rack-test (~> 0.6.2)
      rails-dom-testing (~> 1.0, >= 1.0.5)
      rails-html-sanitizer (~> 1.0, >= 1.0.2)
    actionview (4.2.5)
      activesupport (= 4.2.5)
      builder (~> 3.1)
      erubis (~> 2.7.0)
      rails-dom-testing (~> 1.0, >= 1.0.5)
      rails-html-sanitizer (~> 1.0, >= 1.0.2)
    activejob (4.2.5)
      activesupport (= 4.2.5)
      globalid (>= 0.3.0)
    activemodel (4.2.5)
      activesupport (= 4.2.5)
      builder (~> 3.1)
    activerecord (4.2.5)
      activemodel (= 4.2.5)
      activesupport (= 4.2.5)
      arel (~> 6.0)
    activerecord-jdbc-adapter (1.3.14)
      activerecord (>= 2.2)
    activerecord-jdbcsqlite3-adapter (1.3.14)
      activerecord-jdbc-adapter (~> 1.3.14)
      jdbc-sqlite3 (>= 3.7.2, < 3.9)
    activesupport (4.2.5)
      i18n (~> 0.7)
      json (~> 1.7, >= 1.7.7)
      minitest (~> 5.1)
      thread_safe (~> 0.3, >= 0.3.4)
      tzinfo (~> 1.1)
    addressable (2.3.6)
    arel (6.0.3)
    ast (2.0.0)
    astrolabe (1.3.0)
      parser (>= 2.2.0.pre.3, < 3.0)
    autoparse (0.3.3)
      addressable (>= 2.3.1)
      extlib (>= 0.9.15)
      multi_json (>= 1.0.0)
    better_errors (2.1.1)
      coderay (>= 1.0.0)
      erubis (>= 2.6.6)
      rack (>= 0.9.0)
    binding_of_caller (0.7.2)
      debug_inspector (>= 0.0.1)
    bower-rails (0.9.2)
    builder (3.2.2)
    cancancan (1.10.1)
    celluloid (0.16.0)
      timers (~> 4.0.0)
    chartkick (1.3.2)
    chronic (0.10.2)
    coderay (1.1.0)
    coffee-rails (4.0.1)
      coffee-script (>= 2.2.0)
      railties (>= 4.0.0, < 5.0)
    coffee-script (2.3.0)
      coffee-script-source
      execjs
    coffee-script-source (1.8.0)
    concurrent-ruby (1.0.0)
    concurrent-ruby (1.0.0-java)
    debug_inspector (0.0.2)
    dotenv (2.0.1)
    dotenv-rails (2.0.1)
      dotenv (= 2.0.1)
    erubis (2.7.0)
    execjs (2.2.2)
    extlib (0.9.16)
    faraday (0.9.1)
      multipart-post (>= 1.2, < 3)
    ffi (1.9.6)
    ffi (1.9.6-java)
    formatador (0.2.5)
    friendly_id (5.0.4)
      activerecord (>= 4.0.0)
    globalid (0.3.6)
      activesupport (>= 4.1.0)
    google-api-client (0.8.2)
      activesupport (>= 3.2)
      addressable (~> 2.3)
      autoparse (~> 0.3)
      extlib (~> 0.9)
      faraday (~> 0.9)
      launchy (~> 2.4)
      multi_json (~> 1.10)
      retriable (~> 1.4)
      signet (~> 0.6)
    guard (2.11.1)
      formatador (>= 0.2.4)
      listen (~> 2.7)
      lumberjack (~> 1.0)
      nenv (~> 0.1)
      notiffany (~> 0.0)
      pry (>= 0.9.12)
      shellany (~> 0.0)
      thor (>= 0.18.1)
    guard-compat (1.2.1)
    guard-minitest (2.4.3)
      guard-compat (~> 1.2)
      minitest (>= 3.0)
    guard-rubocop (1.2.0)
      guard (~> 2.0)
      rubocop (~> 0.20)
    haml (4.0.6)
      tilt
    hashie (3.3.2)
    high_voltage (2.2.1)
    hitimes (1.2.2)
    hitimes (1.2.2-java)
    httparty (0.13.3)
      json (~> 1.8)
      multi_xml (>= 0.5.2)
    i18n (0.7.0)
    jbuilder (2.2.6)
      activesupport (>= 3.0.0, < 5)
      multi_json (~> 1.2)
    jdbc-sqlite3 (3.8.7)
    jquery-rails (4.0.3)
      rails-dom-testing (~> 1.0)
      railties (>= 4.2.0)
      thor (>= 0.14, < 2.0)
    jruby-jars (1.7.19)
    jruby-openssl (0.9.6-java)
    jruby-rack (1.1.18)
    json (1.8.3)
    json (1.8.3-java)
    jwt (1.2.0)
    kaminari (0.16.3)
      actionpack (>= 3.0.0)
      activesupport (>= 3.0.0)
    launchy (2.4.3)
      addressable (~> 2.3)
    launchy (2.4.3-java)
      addressable (~> 2.3)
      spoon (~> 0.0.1)
    libv8 (3.16.14.13)
    listen (2.8.5)
      celluloid (>= 0.15.2)
      rb-fsevent (>= 0.9.3)
      rb-inotify (>= 0.9)
    loofah (2.0.3)
      nokogiri (>= 1.5.9)
    lumberjack (1.0.9)
    mail (2.6.3)
      mime-types (>= 1.16, < 3)
    method_source (0.8.2)
    mime-types (2.99)
    mini_portile2 (2.0.0)
    minitest (5.8.4)
    multi_json (1.11.2)
    multi_xml (0.5.5)
    multipart-post (2.0.0)
    nenv (0.2.0)
    nested_form (0.3.2)
    nokogiri (1.6.7.2)
      mini_portile2 (~> 2.0.0.rc2)
    nokogiri (1.6.7.2-java)
    notiffany (0.0.4)
      nenv (~> 0.1)
      shellany (~> 0.0)
    oauth2 (1.0.0)
      faraday (>= 0.8, < 0.10)
      jwt (~> 1.0)
      multi_json (~> 1.3)
      multi_xml (~> 0.5)
      rack (~> 1.2)
    omniauth (1.2.2)
      hashie (>= 1.2, < 4)
      rack (~> 1.0)
    omniauth-github (1.1.2)
      omniauth (~> 1.0)
      omniauth-oauth2 (~> 1.1)
    omniauth-google-oauth2 (0.2.6)
      omniauth (> 1.0)
      omniauth-oauth2 (~> 1.1)
    omniauth-oauth2 (1.2.0)
      faraday (>= 0.8, < 0.10)
      multi_json (~> 1.3)
      oauth2 (~> 1.0)
      omniauth (~> 1.2)
    omniauth-openid (1.0.1)
      omniauth (~> 1.0)
      rack-openid (~> 1.3.1)
    parser (2.2.0.2)
      ast (>= 1.1, < 3.0)
    pg (0.18.1)
    powerpack (0.1.0)
    pry (0.10.1)
      coderay (~> 1.1.0)
      method_source (~> 0.8.1)
      slop (~> 3.4)
    pry (0.10.1-java)
      coderay (~> 1.1.0)
      method_source (~> 0.8.1)
      slop (~> 3.4)
      spoon (~> 0.0)
    puma (2.11.0)
      rack (>= 1.1, < 2.0)
    rack (1.6.4)
    rack-openid (1.3.1)
      rack (>= 1.1.0)
      ruby-openid (>= 2.1.8)
    rack-test (0.6.3)
      rack (>= 1.0)
    rails (4.2.5)
      actionmailer (= 4.2.5)
      actionpack (= 4.2.5)
      actionview (= 4.2.5)
      activejob (= 4.2.5)
      activemodel (= 4.2.5)
      activerecord (= 4.2.5)
      activesupport (= 4.2.5)
      bundler (>= 1.3.0, < 2.0)
      railties (= 4.2.5)
      sprockets-rails
    rails-assets-bootstrap (3.3.4)
      rails-assets-jquery (>= 1.9.1)
    rails-assets-eonasdan-bootstrap-datetimepicker (4.7.14)
      rails-assets-jquery (>= 1.8.3)
      rails-assets-moment (>= 2.8.0)
    rails-assets-font-awesome (4.3.0)
    rails-assets-jasny-bootstrap (3.1.3)
      rails-assets-bootstrap (>= 3.1.0)
      rails-assets-jquery (>= 1.9.0)
    rails-assets-jquery (2.1.4)
    rails-assets-microplugin (0.0.3)
    rails-assets-moment (2.10.2)
    rails-assets-selectize (0.12.1)
      rails-assets-jquery (>= 1.7.0)
      rails-assets-microplugin (~> 0.0.0)
      rails-assets-sifter (~> 0.4.0)
    rails-assets-sifter (0.4.1)
    rails-deprecated_sanitizer (1.0.3)
      activesupport (>= 4.2.0.alpha)
    rails-dom-testing (1.0.7)
      activesupport (>= 4.2.0.beta, < 5.0)
      nokogiri (~> 1.6.0)
      rails-deprecated_sanitizer (>= 1.0.1)
    rails-html-sanitizer (1.0.3)
      loofah (~> 2.0)
    rails_12factor (0.0.3)
      rails_serve_static_assets
      rails_stdout_logging
    rails_serve_static_assets (0.0.3)
    rails_stdout_logging (0.0.3)
    railties (4.2.5)
      actionpack (= 4.2.5)
      activesupport (= 4.2.5)
      rake (>= 0.8.7)
      thor (>= 0.18.1, < 2.0)
    rainbow (2.0.0)
    rake (10.5.0)
    rb-fsevent (0.9.4)
    rb-inotify (0.9.5)
      ffi (>= 0.5.0)
    rdoc (4.2.0)
    ref (1.0.5)
    retriable (1.4.1)
    rubocop (0.29.0)
      astrolabe (~> 1.3)
      parser (>= 2.2.0.1, < 3.0)
      powerpack (~> 0.1)
      rainbow (>= 1.99.1, < 3.0)
      ruby-progressbar (~> 1.4)
    ruby-openid (2.6.0)
    ruby-progressbar (1.7.1)
    rubyzip (1.1.7)
    sass (3.4.21)
    sass-rails (5.0.4)
      railties (>= 4.0.0, < 5.0)
      sass (~> 3.1)
      sprockets (>= 2.8, < 4.0)
      sprockets-rails (>= 2.0, < 4.0)
      tilt (>= 1.1, < 3)
    sdoc (0.4.1)
      json (~> 1.7, >= 1.7.7)
      rdoc (~> 4.0)
    shellany (0.0.1)
    shoulda (3.5.0)
      shoulda-context (~> 1.0, >= 1.0.1)
      shoulda-matchers (>= 1.4.1, < 3.0)
    shoulda-context (1.2.1)
    shoulda-matchers (2.8.0)
      activesupport (>= 3.0.0)
    signet (0.6.0)
      addressable (~> 2.3)
      extlib (~> 0.9)
      faraday (~> 0.9)
      jwt (~> 1.0)
      multi_json (~> 1.10)
    slop (3.6.0)
    spoon (0.0.4)
      ffi
    spring (1.2.0)
    sprockets (3.5.2)
      concurrent-ruby (~> 1.0)
      rack (> 1, < 3)
    sprockets-rails (3.0.1)
      actionpack (>= 4.0)
      activesupport (>= 4.0)
      sprockets (>= 3.0.0)
    therubyracer (0.12.1)
      libv8 (~> 3.16.14.0)
      ref
    therubyrhino (2.0.4)
      therubyrhino_jar (>= 1.7.3)
    therubyrhino_jar (1.7.4)
    thor (0.19.1)
    thread_safe (0.3.5)
    thread_safe (0.3.5-java)
    tilt (2.0.2)
    timers (4.0.1)
      hitimes
    turbolinks (2.5.3)
      coffee-rails
    tzinfo (1.2.2)
      thread_safe (~> 0.1)
    tzinfo-data (1.2015.1)
      tzinfo (>= 1.0.0)
    uglifier (2.7.0)
      execjs (>= 0.3.0)
      json (>= 1.8.0)
    warbler (1.4.5)
      jruby-jars (>= 1.5.6, < 2.0)
      jruby-rack (>= 1.1.1, < 1.3)
      rake (>= 0.9.6)
      rubyzip (>= 0.9, < 1.2)
    whenever (0.9.4)
      chronic (>= 0.6.3)

PLATFORMS
  java
  ruby

DEPENDENCIES
  aasm
  activerecord-jdbcsqlite3-adapter
  better_errors
  binding_of_caller
  bootstrap_form!
  bower-rails
  cancancan
  chartkick
  coffee-rails (~> 4.0.0)
  dotenv-rails
  friendly_id
  google-api-client
  guard
  guard-minitest
  guard-rubocop
  haml
  high_voltage (~> 2.2.1)
  httparty
  jbuilder (~> 2.0)
  jquery-rails
  jruby-openssl
  kaminari
  nested_form
  omniauth
  omniauth-github
  omniauth-google-oauth2
  omniauth-openid
  pg
  puma
  rails (= 4.2.5)
  rails-assets-bootstrap!
  rails-assets-eonasdan-bootstrap-datetimepicker!
  rails-assets-font-awesome!
  rails-assets-jasny-bootstrap!
  rails-assets-selectize!
  rails_12factor
  rubocop
  rubyzip (>= 1.0.0)
  sass-rails (~> 5.0.0)
  sdoc (~> 0.4.0)
  shoulda
  spring
  therubyracer
  therubyrhino
  turbolinks
  tzinfo-data
  uglifier (>= 1.3.0)
  warbler
  whenever

BUNDLED WITH
   1.11.2
