GEM
  remote: http://rubygems.org/
  specs:
    execjs (1.2.13)
      multi_json (~> 1.0)
    multi_json (1.0.4)
    thor (0.14.6)
    uglifier (1.2.2)
      execjs (>= 0.3.0)
      multi_json (>= 1.0.2)

PLATFORMS
  ruby

DEPENDENCIES
  thor
  uglifier (~> 1.2.1)
